GEM
  remote: http://rubygems.org/
  specs:
    hamster (0.4.2)
    rake (0.8.7)

PLATFORMS
  ruby

DEPENDENCIES
  hamster (~> 0.4.2)
  rake
