GEM
  remote: http://rubygems.org/
  specs:
    hamster (0.4.2)

PLATFORMS
  ruby

DEPENDENCIES
  hamster (~> 0.4.2)
